GEM
  remote: http://rubygems.org/
  specs:
    addressable (2.2.0)
    anise (0.4.0)
      facets (> 2.4.0)
    chronic (0.2.3)
      hoe (>= 1.2.1)
    daemons (1.1.0)
    data_objects (0.10.2)
      addressable (~> 2.1)
    dm-ar-finders (1.0.0)
      dm-core (~> 1.0.0)
    dm-core (1.0.0)
      addressable (~> 2.1)
      extlib (~> 0.9.15)
    dm-do-adapter (1.0.0)
      data_objects (~> 0.10.1)
      dm-core (~> 1.0.0)
    dm-migrations (1.0.0)
      dm-core (~> 1.0.0)
    dm-mysql-adapter (1.0.0)
      dm-do-adapter (~> 1.0.0)
      do_mysql (~> 0.10.2)
    dm-timestamps (1.0.0)
      dm-core (~> 1.0.0)
    dm-validations (1.0.0)
      dm-core (~> 1.0.0)
    do_mysql (0.10.2)
      data_objects (= 0.10.2)
    extlib (0.9.15)
    facets (2.8.4)
    hoe (2.6.1)
      rake (>= 0.8.7)
      rubyforge (>= 2.0.4)
    json_pure (1.4.6)
    rake (0.8.7)
    rubyforge (2.0.4)
      json_pure (>= 1.1.7)
    steam-condenser (0.11.1)

PLATFORMS
  ruby

DEPENDENCIES
  anise
  chronic
  daemons
  dm-ar-finders
  dm-core
  dm-migrations
  dm-mysql-adapter
  dm-timestamps
  dm-validations
  facets
  steam-condenser (= 0.11.1)
